GEM
  remote: https://rubygems.org/
  specs:
    backports (2.5.3)
    little-plugger (1.1.3)
    logging (1.7.2)
      little-plugger (>= 1.1.3)
    multi_json (1.3.6)
    redis (3.0.1)
    redis-namespace (1.2.0)
      redis (~> 3.0.0)
    redis_failover (0.8.7)
      multi_json (~> 1)
      redis (~> 3)
      redis-namespace
      zk (~> 1.6)
    zk (1.6.3)
      backports (~> 2.5.1)
      logging (~> 1.7.2)
      zookeeper (~> 1.2.4)
    zookeeper (1.2.10)
      backports (~> 2.5.1)
      logging (~> 1.7.2)

PLATFORMS
  ruby

DEPENDENCIES
  redis_failover
